GEM
  remote: http://rubygems.org/
  specs:
    addressable (2.8.6)
      public_suffix (>= 2.0.2, < 6.0)
    bump (0.10.0)
    conventional-changelog (1.3.0)
    faraday (2.9.0)
      faraday-net_http (>= 2.0, < 3.2)
    faraday-net_http (3.1.0)
      net-http
    net-http (0.4.1)
      uri
    octokit (4.25.1)
      faraday (>= 1, < 3)
      sawyer (~> 0.9)
    public_suffix (5.0.4)
    rake (12.3.3)
    sawyer (0.9.2)
      addressable (>= 2.3.5)
      faraday (>= 0.17.3, < 3)
    uri (0.13.2)

PLATFORMS
  ruby

DEPENDENCIES
  bump (~> 0.5)
  conventional-changelog (~> 1.3)
  octokit (~> 4.7)
  rake (~> 12.3)

BUNDLED WITH
   2.5.18
