GEM
  remote: https://rubygems.org/
  specs:
    awesome_print (1.9.2)
    base64 (0.3.0)
    bigdecimal (3.1.5)
    csv (3.3.5)
    diff-lcs (1.6.2)
    dig_rb (1.0.1)
    expgen (0.1.1)
      parslet
    faraday (2.13.4)
      faraday-net_http (>= 2.0, < 3.5)
      json
      logger
    faraday-net_http (3.4.1)
      net-http (>= 0.5.0)
    faraday-retry (2.3.2)
      faraday (~> 2.0)
    fiddle (1.1.2)
    find_a_port (1.0.1)
    httparty (0.23.1)
      csv
      mini_mime (>= 1.0.0)
      multi_xml (>= 0.5.2)
    json (2.7.2)
    jsonpath (1.1.5)
      multi_json
    logger (1.7.0)
    mini_mime (1.1.5)
    multi_json (1.17.0)
    multi_xml (0.7.2)
      bigdecimal (~> 3.1)
    net-http (0.6.0)
      uri
    ostruct (0.6.3)
    pact (1.66.1)
      jsonpath (~> 1.0)
      pact-mock_service (~> 3.0, >= 3.3.1)
      pact-support (~> 1.21, >= 1.21.0)
      rack-test (>= 0.6.3, < 3.0.0)
      rainbow (~> 3.1)
      rspec (~> 3.0)
      string_pattern (~> 2.0)
      thor (>= 0.20, < 2.0)
    pact-message (0.11.1)
      pact-mock_service (~> 3.1)
      pact-support (~> 1.8)
      thor (>= 0.20, < 2.0)
    pact-mock_service (3.12.3)
      find_a_port (~> 1.0.1)
      json
      pact-support (~> 1.16, >= 1.16.4)
      rack (>= 3.0, < 4.0)
      rackup (~> 2.0)
      rspec (>= 2.14)
      thor (>= 0.19, < 2.0)
      webrick (~> 1.8)
    pact-provider-verifier (1.39.1)
      faraday (~> 2.5)
      faraday-retry (~> 2.2)
      json (> 1.8)
      ostruct
      pact (~> 1.59)
      pact-message (~> 0.5)
      rack (>= 3.0, < 4.0)
      rack-reverse-proxy-pact
      rackup (~> 2.0)
      rspec (~> 3.5)
      rspec_junit_formatter (~> 0.3)
    pact-support (1.21.2)
      awesome_print (~> 1.9)
      diff-lcs (~> 1.5)
      expgen (~> 0.1)
      jsonpath (~> 1.0)
      rainbow (~> 3.1.1)
      string_pattern (~> 2.0)
    pact_broker-client (1.77.0)
      base64 (~> 0.2)
      dig_rb (~> 1.0)
      httparty (>= 0.21.0, < 1.0.0)
      ostruct
      rake (~> 13.0)
      table_print (~> 1.5)
      term-ansicolor (~> 1.7)
      thor (>= 0.20, < 2.0)
    parslet (2.0.0)
    rack (3.1.16)
    rack-proxy (0.7.7)
      rack
    rack-reverse-proxy-pact (1.0.2)
      rack (>= 3.0, < 4.0)
      rack-proxy (~> 0.6, >= 0.6.1)
      rackup (~> 2.0)
    rack-test (2.2.0)
      rack (>= 1.3)
    rackup (2.2.1)
      rack (>= 3)
    rainbow (3.1.1)
    rake (13.3.0)
    regexp_parser (2.10.0)
    rspec (3.13.1)
      rspec-core (~> 3.13.0)
      rspec-expectations (~> 3.13.0)
      rspec-mocks (~> 3.13.0)
    rspec-core (3.13.5)
      rspec-support (~> 3.13.0)
    rspec-expectations (3.13.5)
      diff-lcs (>= 1.2.0, < 2.0)
      rspec-support (~> 3.13.0)
    rspec-mocks (3.13.5)
      diff-lcs (>= 1.2.0, < 2.0)
      rspec-support (~> 3.13.0)
    rspec-support (3.13.4)
    rspec_junit_formatter (0.6.0)
      rspec-core (>= 2, < 4, != 2.12.0)
    string_pattern (2.3.0)
      regexp_parser (~> 2.5, >= 2.5.0)
    sync (0.5.0)
    table_print (1.5.7)
    term-ansicolor (1.11.2)
      tins (~> 1.0)
    thor (1.4.0)
    tins (1.38.0)
      bigdecimal
      sync
    uri (1.0.3)
    webrick (1.9.1)

PLATFORMS
  aarch64-linux
  arm64-darwin
  arm64-darwin-20
  arm64-darwin-21
  arm64-darwin-22
  arm64-darwin-23
  ruby
  x64-mingw32
  x86_64-darwin
  x86_64-darwin-20
  x86_64-darwin-21
  x86_64-darwin-22
  x86_64-darwin-23
  x86_64-linux

DEPENDENCIES
  bigdecimal (= 3.1.5)
  fiddle (= 1.1.2)
  json (= 2.7.2)
  pact (= 1.66.1)
  pact-message (= 0.11.1)
  pact-mock_service (= 3.12.3)
  pact-provider-verifier (= 1.39.1)
  pact_broker-client (= 1.77.0)
  webrick (= 1.9.1)

BUNDLED WITH
   2.5.18
