GEM
  remote: http://rubygems.org/
  specs:
    awesome_print (1.8.0)
    diff-lcs (1.4.4)
    dig_rb (1.0.1)
    faraday (1.3.0)
      faraday-net_http (~> 1.0)
      multipart-post (>= 1.2, < 3)
      ruby2_keywords
    faraday-net_http (1.0.1)
    faraday_middleware (1.0.0)
      faraday (~> 1.0)
    filelock (1.1.1)
    find_a_port (1.0.1)
    httparty (0.18.1)
      mime-types (~> 3.0)
      multi_xml (>= 0.5.2)
    json (2.5.1)
    mime-types (3.3.1)
      mime-types-data (~> 3.2015)
    mime-types-data (3.2020.1104)
    multi_xml (0.6.0)
    multipart-post (2.1.1)
    pact (1.57.0)
      pact-mock_service (~> 3.0, >= 3.3.1)
      pact-support (~> 1.15)
      rack-test (>= 0.6.3, < 2.0.0)
      rspec (~> 3.0)
      term-ansicolor (~> 1.0)
      thor (>= 0.20, < 2.0)
      webrick (~> 1.3)
    pact-message (0.10.0)
      pact-mock_service (~> 3.1)
      pact-support (~> 1.8)
      thor (~> 0.20)
    pact-mock_service (3.7.0)
      filelock (~> 1.1)
      find_a_port (~> 1.0.1)
      json
      pact-support (~> 1.16, >= 1.16.4)
      rack (~> 2.0)
      rspec (>= 2.14)
      term-ansicolor (~> 1.0)
      thor (>= 0.19, < 2.0)
      webrick (~> 1.3)
    pact-provider-verifier (1.34.0)
      faraday (>= 0.9.0, <= 2.0)
      faraday_middleware (>= 0.10, <= 2.0)
      json (> 1.8)
      pact (~> 1.55)
      pact-message (~> 0.5)
      rack (~> 2.1)
      rack-reverse-proxy
      rspec (~> 3.5)
      rspec_junit_formatter (~> 0.3)
    pact-support (1.16.7)
      awesome_print (~> 1.1)
      diff-lcs (~> 1.4)
      randexp (~> 0.1.7)
      term-ansicolor (~> 1.0)
    pact_broker-client (1.35.0)
      dig_rb (~> 1.0)
      httparty (~> 0.18)
      rake (~> 13.0)
      table_print (~> 1.5)
      term-ansicolor (~> 1.7)
      thor (>= 0.20, < 2.0)
    rack (2.1.4)
    rack-proxy (0.6.5)
      rack
    rack-reverse-proxy (0.12.0)
      rack (>= 1.0.0)
      rack-proxy (~> 0.6, >= 0.6.1)
    rack-test (1.1.0)
      rack (>= 1.0, < 3)
    rake (13.0.3)
    randexp (0.1.7)
    rspec (3.10.0)
      rspec-core (~> 3.10.0)
      rspec-expectations (~> 3.10.0)
      rspec-mocks (~> 3.10.0)
    rspec-core (3.10.1)
      rspec-support (~> 3.10.0)
    rspec-expectations (3.10.1)
      diff-lcs (>= 1.2.0, < 2.0)
      rspec-support (~> 3.10.0)
    rspec-mocks (3.10.2)
      diff-lcs (>= 1.2.0, < 2.0)
      rspec-support (~> 3.10.0)
    rspec-support (3.10.2)
    rspec_junit_formatter (0.4.1)
      rspec-core (>= 2, < 4, != 2.12.0)
    ruby2_keywords (0.0.4)
    sync (0.5.0)
    table_print (1.5.7)
    term-ansicolor (1.7.1)
      tins (~> 1.0)
    thor (0.20.3)
    tins (1.28.0)
      sync
    webrick (1.3.1)

PLATFORMS
  ruby

DEPENDENCIES
  pact (= 1.57.0)
  pact-message (= 0.10.0)
  pact-mock_service (= 3.7.0)
  pact-provider-verifier (= 1.34.0)
  pact_broker-client (= 1.35.0)
  rack (~> 2.1.1)
  webrick (= 1.3.1)

BUNDLED WITH
   1.17.3
